GEM
  remote: https://rubygems.org/
  specs:
    activemodel (4.1.1)
      activesupport (= 4.1.1)
      builder (~> 3.1)
    activesupport (4.1.1)
      i18n (~> 0.6, >= 0.6.9)
      json (~> 1.7, >= 1.7.7)
      minitest (~> 5.1)
      thread_safe (~> 0.1)
      tzinfo (~> 1.1)
    addressable (2.3.6)
    builder (3.2.2)
    daemons (1.1.9)
<<<<<<< HEAD
    descendants_tracker (0.0.4)
      thread_safe (~> 0.3, >= 0.3.1)
    eventmachine (1.0.3)
    faraday (0.9.0)
      multipart-post (>= 1.2, < 3)
    github_api (0.11.3)
      addressable (~> 2.3)
      descendants_tracker (~> 0.0.1)
      faraday (~> 0.8, < 0.10)
      hashie (>= 1.2)
      multi_json (>= 1.7.5, < 2.0)
      nokogiri (~> 1.6.0)
      oauth2
    hashie (3.0.0)
    i18n (0.6.9)
    json (1.8.1)
    jwt (1.0.0)
    mime-types (2.3)
    mini_portile (0.6.0)
    minitest (5.3.4)
    multi_json (1.10.1)
    multi_xml (0.5.5)
    multipart-post (2.0.0)
    nokogiri (1.6.2.1)
      mini_portile (= 0.6.0)
    oauth (0.4.7)
    oauth2 (0.9.4)
      faraday (>= 0.8, < 0.10)
      jwt (~> 1.0)
      multi_json (~> 1.3)
      multi_xml (~> 0.5)
      rack (~> 1.2)
=======
    eventmachine (1.0.3)
    i18n (0.6.9)
    json (1.8.1)
    mime-types (2.3)
    minitest (5.3.4)
    oauth (0.4.7)
>>>>>>> 6e9878869d72ecf053156d0dc6a9a73f309af3fd
    rack (1.5.2)
    rack-protection (1.5.3)
      rack
    rest-client (1.6.7)
      mime-types (>= 1.16)
    ruby-trello (1.1.1)
      activemodel (>= 3.2.0)
      addressable (~> 2.3)
      json
      oauth (~> 0.4.5)
      rest-client (~> 1.6.7)
    rufus-scheduler (3.0.7)
      tzinfo
    sinatra (1.4.5)
      rack (~> 1.4)
      rack-protection (~> 1.4)
      tilt (~> 1.3, >= 1.3.4)
    thin (1.6.2)
      daemons (>= 1.0.9)
      eventmachine (>= 1.0.0)
      rack (>= 1.0.0)
    thread_safe (0.3.4)
    tilt (1.4.1)
<<<<<<< HEAD
    tzinfo (1.2.0)
=======
    tzinfo (1.2.1)
>>>>>>> 6e9878869d72ecf053156d0dc6a9a73f309af3fd
      thread_safe (~> 0.1)

PLATFORMS
  ruby

DEPENDENCIES
<<<<<<< HEAD
  github_api
=======
>>>>>>> 6e9878869d72ecf053156d0dc6a9a73f309af3fd
  ruby-trello
  rufus-scheduler
  sinatra
  thin
